PATH
  remote: .
  specs:
    activecampaign (0.1.0)

GEM
  remote: https://rubygems.org/
  specs:
    rake (13.0.6)

PLATFORMS
  x86_64-linux

DEPENDENCIES
  activecampaign!
  rake (~> 13.0)

BUNDLED WITH
   2.3.7
